GEM
  remote: http://rubygems.org/
  specs:
    allison (2.0.3)
    echoe (4.6.3)
      allison (>= 2.0.3)
      gemcutter (>= 0.7.0)
      rake (>= 0.9.2)
      rdoc (>= 3.6.1)
      rubyforge (>= 2.0.4)
    ffi (1.4.0)
    gemcutter (0.7.1)
    json (1.7.7)
    json_pure (1.7.7)
    pi_piper (1.3.1)
      ffi
    rake (10.0.3)
    rdoc (3.12.1)
      json (~> 1.4)
    rubyforge (2.0.4)
      json_pure (>= 1.1.7)

PLATFORMS
  ruby

DEPENDENCIES
  echoe
  pi_piper
  rake
